GEM
  remote: http://rubygems.org/
  specs:
    ZenTest (4.7.0)
    actionmailer (2.3.14)
      actionpack (= 2.3.14)
    actionpack (2.3.14)
      activesupport (= 2.3.14)
      rack (~> 1.1.0)
    activerecord (2.3.14)
      activesupport (= 2.3.14)
    activeresource (2.3.14)
      activesupport (= 2.3.14)
    activesupport (2.3.14)
    addressable (2.2.8)
    autotest-rails (4.1.2)
      ZenTest (~> 4.5)
    bard-rake (0.5.0)
    builder (3.0.0)
    capybara (0.4.1.2)
      celerity (>= 0.7.9)
      culerity (>= 0.2.4)
      mime-types (>= 1.16)
      nokogiri (>= 1.3.3)
      rack (>= 1.0.0)
      rack-test (>= 0.5.4)
      selenium-webdriver (>= 0.0.27)
      xpath (~> 0.1.3)
    celerity (0.9.2)
    childprocess (0.3.2)
      ffi (~> 1.0.6)
    chunky_png (1.2.5)
    columnize (0.3.6)
    compass (0.11.1)
      chunky_png (~> 1.1)
      fssm (>= 0.2.7)
      sass (~> 3.1)
    compass-querystring_cachebuster (0.0.2)
    csv_builder (1.1.7)
      fastercsv
    cucumber (0.10.7)
      builder (>= 2.1.2)
      diff-lcs (>= 1.1.2)
      gherkin (~> 2.4.0)
      json (>= 1.4.6)
      term-ansicolor (>= 1.0.5)
    cucumber-rails (0.3.2)
      cucumber (>= 0.8.0)
    culerity (0.2.15)
    database_cleaner (0.7.2)
    diff-lcs (1.1.3)
    email_spec (0.6.6)
      rspec
    faker (0.3.1)
    fastercsv (1.5.4)
    ffi (1.0.11)
    fssm (0.2.9)
    gherkin (2.4.21)
      json (>= 1.4.6)
    haml (3.1.4)
    json (1.7.0)
    libwebsocket (0.1.3)
      addressable
    linecache (0.46)
      rbx-require-relative (> 0.0.4)
    machinist (1.0.6)
    mime-types (1.18)
    multi_json (1.3.4)
    mysql2 (0.2.18)
    nokogiri (1.5.2)
    pickle (0.4.10)
      cucumber (>= 0.8)
      rake
    rack (1.1.2)
    rack-test (0.6.1)
      rack (>= 1.0)
    rails (2.3.14)
      actionmailer (= 2.3.14)
      actionpack (= 2.3.14)
      activerecord (= 2.3.14)
      activeresource (= 2.3.14)
      activesupport (= 2.3.14)
      rake (>= 0.8.3)
    rake (0.9.2.2)
    rbx-require-relative (0.0.9)
    rspec (1.3.2)
    rspec-rails (1.3.4)
      rack (>= 1.0.0)
      rspec (~> 1.3.1)
    ruby-debug (0.10.4)
      columnize (>= 0.1)
      ruby-debug-base (~> 0.10.4.0)
    ruby-debug-base (0.10.4)
      linecache (>= 0.3)
    rubyzip (0.9.8)
    sass (3.1.16)
    selenium-webdriver (2.21.2)
      childprocess (>= 0.2.5)
      ffi (~> 1.0)
      libwebsocket (~> 0.1.3)
      multi_json (~> 1.0)
      rubyzip
    term-ansicolor (1.0.7)
    xpath (0.1.4)
      nokogiri (~> 1.3)

PLATFORMS
  ruby

DEPENDENCIES
  autotest-rails
  bard-rake
  capybara (~> 0.4.1.2)
  compass (= 0.11.1)
  compass-querystring_cachebuster
  csv_builder (~> 1.0)
  cucumber (~> 0.10.2)
  cucumber-rails (~> 0.3.2)
  database_cleaner
  email_spec (~> 0.6.0)
  faker (~> 0.3.0)
  fastercsv
  haml
  machinist (= 1.0.6)
  mysql2 (~> 0.2.7)
  nokogiri
  pickle
  rack (= 1.1.2)
  rails (= 2.3.14)
  rspec-rails (~> 1.3.0)
  ruby-debug
