GIT
  remote: https://github.com/botandrose/adva_cms.git
  revision: 55b511aa872ee1679aac8a00592afe9569fe6729
  specs:
    adva_activity (0.0.1)
      rails-observers
    adva_cells (0.0.1)
      cells
      tilt
    adva_cms (0.0.1)
      actionpack-page_caching
      awesome_nested_set
      friendly_id (~> 5.1.0)
      will_paginate
    adva_fckeditor (0.0.3)
      non-stupid-digest-assets
    adva_meta_tags (0.0.1)
    adva_rbac (0.0.1)
    adva_user (0.0.1)

GEM
  remote: https://rubygems.org/
  specs:
    actioncable (6.0.5)
      actionpack (= 6.0.5)
      nio4r (~> 2.0)
      websocket-driver (>= 0.6.1)
    actionmailbox (6.0.5)
      actionpack (= 6.0.5)
      activejob (= 6.0.5)
      activerecord (= 6.0.5)
      activestorage (= 6.0.5)
      activesupport (= 6.0.5)
      mail (>= 2.7.1)
    actionmailer (6.0.5)
      actionpack (= 6.0.5)
      actionview (= 6.0.5)
      activejob (= 6.0.5)
      mail (~> 2.5, >= 2.5.4)
      rails-dom-testing (~> 2.0)
    actionpack (6.0.5)
      actionview (= 6.0.5)
      activesupport (= 6.0.5)
      rack (~> 2.0, >= 2.0.8)
      rack-test (>= 0.6.3)
      rails-dom-testing (~> 2.0)
      rails-html-sanitizer (~> 1.0, >= 1.2.0)
    actionpack-page_caching (1.2.4)
      actionpack (>= 4.0.0)
    actiontext (6.0.5)
      actionpack (= 6.0.5)
      activerecord (= 6.0.5)
      activestorage (= 6.0.5)
      activesupport (= 6.0.5)
      nokogiri (>= 1.8.5)
    actionview (6.0.5)
      activesupport (= 6.0.5)
      builder (~> 3.1)
      erubi (~> 1.4)
      rails-dom-testing (~> 2.0)
      rails-html-sanitizer (~> 1.1, >= 1.2.0)
    activejob (6.0.5)
      activesupport (= 6.0.5)
      globalid (>= 0.3.6)
    activemodel (6.0.5)
      activesupport (= 6.0.5)
    activerecord (6.0.5)
      activemodel (= 6.0.5)
      activesupport (= 6.0.5)
    activestorage (6.0.5)
      actionpack (= 6.0.5)
      activejob (= 6.0.5)
      activerecord (= 6.0.5)
      marcel (~> 1.0)
    activesupport (6.0.5)
      concurrent-ruby (~> 1.0, >= 1.0.2)
      i18n (>= 0.7, < 2)
      minitest (~> 5.1)
      tzinfo (~> 1.1)
      zeitwerk (~> 2.2, >= 2.2.2)
    acts_as_list (1.0.4)
      activerecord (>= 4.2)
    addressable (2.8.0)
      public_suffix (>= 2.0.2, < 5.0)
    auto_strip_attributes (2.6.0)
      activerecord (>= 4.0)
    awesome_nested_set (3.5.0)
      activerecord (>= 4.0.0, < 7.1)
    backhoe (0.5.0)
      activerecord
    backports (3.23.0)
    bard (0.46.0)
      bard-rake (>= 0.1.1)
      rvm
      term-ansicolor (>= 1.0.3)
      thor (>= 0.19.0)
    bard-rake (0.18.3)
      backhoe
      railties
      rake
    bard-staging_banner (0.2.0)
    bard-static (3.1.1)
    bindex (0.8.1)
    bootsnap (1.12.0)
      msgpack (~> 1.2)
    builder (3.2.4)
    byebug (11.1.3)
    capybara (3.36.0)
      addressable
      matrix
      mini_mime (>= 0.1.3)
      nokogiri (~> 1.8)
      rack (>= 1.6.0)
      rack-test (>= 0.6.3)
      regexp_parser (>= 1.5, < 3.0)
      xpath (~> 3.2)
    capybara-headless_chrome (0.6.4)
      capybara
      webdrivers
    capybara-screenshot (1.0.26)
      capybara (>= 1.0, < 4)
      launchy
    cells (3.11.3)
      actionpack (>= 3.0)
      railties (>= 3.0)
      uber (~> 0.0.8)
    childprocess (3.0.0)
    chop (0.26.1)
      activerecord
      capybara
      cucumber
    cocoon (1.2.15)
    coffee-rails (5.0.0)
      coffee-script (>= 2.2.0)
      railties (>= 5.2.0)
    coffee-script (2.4.1)
      coffee-script-source
      execjs
    coffee-script-source (1.12.2)
    concurrent-ruby (1.1.10)
    coveralls (0.8.23)
      json (>= 1.8, < 3)
      simplecov (~> 0.16.1)
      term-ansicolor (~> 1.3)
      thor (>= 0.19.4, < 2.0)
      tins (~> 1.6)
    crass (1.0.6)
    csv_builder (2.1.3)
      actionpack (>= 3.0.0)
    cucumber (3.2.0)
      builder (>= 2.1.2)
      cucumber-core (~> 3.2.0)
      cucumber-expressions (~> 6.0.1)
      cucumber-wire (~> 0.0.1)
      diff-lcs (~> 1.3)
      gherkin (~> 5.1.0)
      multi_json (>= 1.7.5, < 2.0)
      multi_test (>= 0.1.2)
    cucumber-core (3.2.1)
      backports (>= 3.8.0)
      cucumber-tag_expressions (~> 1.1.0)
      gherkin (~> 5.0)
    cucumber-expressions (6.0.1)
    cucumber-rails (2.5.1)
      capybara (>= 2.18, < 4)
      cucumber (>= 3.2, < 8)
      mime-types (~> 3.3)
      nokogiri (~> 1.10)
      railties (>= 5.0, < 8)
      rexml (~> 3.0)
      webrick (~> 1.7)
    cucumber-tag_expressions (1.1.1)
    cucumber-wire (0.0.1)
    daemons (1.4.1)
    database_cleaner (2.0.1)
      database_cleaner-active_record (~> 2.0.0)
    database_cleaner-active_record (2.0.1)
      activerecord (>= 5.a)
      database_cleaner-core (~> 2.0.0)
    database_cleaner-core (2.0.1)
    decisive (0.8.3)
      actionview
      rubyXL
    delayed_job (4.1.10)
      activesupport (>= 3.0, < 8.0)
    delayed_job_active_record (4.1.7)
      activerecord (>= 3.0, < 8.0)
      delayed_job (>= 3.0, < 5)
    delayed_job_web (1.4.4)
      activerecord (> 3.0.0)
      delayed_job (> 2.0.3)
      rack-protection (>= 1.5.5)
      sinatra (>= 1.4.4)
    diff-lcs (1.3)
    docile (1.4.0)
    dotenv (2.7.6)
    dotenv-rails (2.7.6)
      dotenv (= 2.7.6)
      railties (>= 3.2)
    dynamic_form (1.1.4)
    email_spec (2.2.0)
      htmlentities (~> 4.3.3)
      launchy (~> 2.1)
      mail (~> 2.7)
    erubi (1.10.0)
    erubis (2.7.0)
    exception_notification (4.5.0)
      actionmailer (>= 5.2, < 8)
      activesupport (>= 5.2, < 8)
    execjs (2.8.1)
    factory_bot (6.2.1)
      activesupport (>= 5.0.0)
    factory_bot_rails (6.2.0)
      factory_bot (~> 6.2.0)
      railties (>= 5.0.0)
    faker (2.21.0)
      i18n (>= 1.8.11, < 2)
    ffi (1.15.5)
    font-awesome-rails (4.7.0.8)
      railties (>= 3.2, < 8.0)
    foreman (0.86.0)
    foreman-export-systemd_user (0.1.1)
      foreman (= 0.86.0)
    friendly_id (5.1.0)
      activerecord (>= 4.0.0)
    gherkin (5.1.0)
    globalid (1.0.0)
      activesupport (>= 5.0)
    haml (5.2.2)
      temple (>= 0.8.0)
      tilt
    haml-rails (2.0.1)
      actionpack (>= 5.1)
      activesupport (>= 5.1)
      haml (>= 4.0.6, < 6.0)
      html2haml (>= 1.0.1)
      railties (>= 5.1)
    handle_invalid_percent_encoding_requests (1.1.1)
      rack-utf8_sanitizer
      rails (>= 3.1)
    html2haml (2.2.0)
      erubis (~> 2.7.0)
      haml (>= 4.0, < 6)
      nokogiri (>= 1.6.0)
      ruby_parser (~> 3.5)
    htmlentities (4.3.4)
    i18n (1.10.0)
      concurrent-ruby (~> 1.0)
    input_css (0.1.2)
      rails
    invisible_captcha (2.0.0)
      rails (>= 5.0)
    jquery-rails (4.5.0)
      rails-dom-testing (>= 1, < 3)
      railties (>= 4.2.0)
      thor (>= 0.14, < 2.0)
    jquery-ui-rails (6.0.1)
      railties (>= 3.2.16)
    json (2.6.2)
    launchy (2.5.0)
      addressable (~> 2.7)
    loofah (2.18.0)
      crass (~> 1.0.2)
      nokogiri (>= 1.5.9)
    mail (2.7.1)
      mini_mime (>= 0.1.1)
    marcel (1.0.2)
    matrix (0.4.2)
    method_source (1.0.0)
    mime-types (3.4.1)
      mime-types-data (~> 3.2015)
    mime-types-data (3.2022.0105)
    mini_mime (1.1.2)
    mini_portile2 (2.8.0)
    minitest (5.15.0)
    msgpack (1.5.2)
    multi_json (1.15.0)
    multi_test (1.1.0)
    mustermann (1.1.1)
      ruby2_keywords (~> 0.0.1)
    mysql2 (0.5.4)
    newrelic_rpm (8.8.0)
    nio4r (2.5.8)
    nokogiri (1.13.6)
      mini_portile2 (~> 2.8.0)
      racc (~> 1.4)
    non-stupid-digest-assets (1.0.9)
      sprockets (>= 2.0)
    parallel (1.22.1)
    parallel_tests (3.9.1)
      parallel
    phantomjs (2.1.1.0)
    public_suffix (4.0.7)
    racc (1.6.0)
    rack (2.2.3.1)
    rack-cache (1.13.0)
      rack (>= 0.4)
    rack-protection (2.2.0)
      rack
    rack-test (1.1.0)
      rack (>= 1.0, < 3)
    rack-utf8_sanitizer (1.7.0)
      rack (>= 1.0, < 3.0)
    rack-www (2.3.0)
      rack (< 3.0)
    rails (6.0.5)
      actioncable (= 6.0.5)
      actionmailbox (= 6.0.5)
      actionmailer (= 6.0.5)
      actionpack (= 6.0.5)
      actiontext (= 6.0.5)
      actionview (= 6.0.5)
      activejob (= 6.0.5)
      activemodel (= 6.0.5)
      activerecord (= 6.0.5)
      activestorage (= 6.0.5)
      activesupport (= 6.0.5)
      bundler (>= 1.3.0)
      railties (= 6.0.5)
      sprockets-rails (>= 2.0.0)
    rails-dom-testing (2.0.3)
      activesupport (>= 4.2.0)
      nokogiri (>= 1.6)
    rails-html-sanitizer (1.4.3)
      loofah (~> 2.3)
    rails-observers (0.1.5)
      activemodel (>= 4.0)
    railties (6.0.5)
      actionpack (= 6.0.5)
      activesupport (= 6.0.5)
      method_source
      rake (>= 0.8.7)
      thor (>= 0.20.3, < 2.0)
    rake (13.0.6)
    regexp_parser (2.5.0)
    rexml (3.2.5)
    rspec-core (3.11.0)
      rspec-support (~> 3.11.0)
    rspec-expectations (3.11.0)
      diff-lcs (>= 1.2.0, < 2.0)
      rspec-support (~> 3.11.0)
    rspec-mocks (3.11.1)
      diff-lcs (>= 1.2.0, < 2.0)
      rspec-support (~> 3.11.0)
    rspec-rails (5.1.2)
      actionpack (>= 5.2)
      activesupport (>= 5.2)
      railties (>= 5.2)
      rspec-core (~> 3.10)
      rspec-expectations (~> 3.10)
      rspec-mocks (~> 3.10)
      rspec-support (~> 3.10)
    rspec-support (3.11.0)
    ruby2_keywords (0.0.5)
    rubyXL (3.4.25)
      nokogiri (>= 1.10.8)
      rubyzip (>= 1.3.0)
    ruby_parser (3.19.1)
      sexp_processor (~> 4.16)
    rubyzip (2.3.2)
    rvm (1.11.3.9)
    sass-rails (6.0.0)
      sassc-rails (~> 2.1, >= 2.1.1)
    sassc (2.4.0)
      ffi (~> 1.9)
    sassc-rails (2.1.2)
      railties (>= 4.0.0)
      sassc (>= 2.0)
      sprockets (> 3.0)
      sprockets-rails
      tilt
    selenium-webdriver (3.142.7)
      childprocess (>= 0.5, < 4.0)
      rubyzip (>= 1.2.2)
    sexp_processor (4.16.1)
    simplecov (0.16.1)
      docile (~> 1.1)
      json (>= 1.8, < 3)
      simplecov-html (~> 0.10.0)
    simplecov-html (0.10.2)
    sinatra (2.2.0)
      mustermann (~> 1.0)
      rack (~> 2.2)
      rack-protection (= 2.2.0)
      tilt (~> 2.0)
    slim (4.1.0)
      temple (>= 0.7.6, < 0.9)
      tilt (>= 2.0.6, < 2.1)
    slim-rails (3.5.1)
      actionpack (>= 3.1)
      railties (>= 3.1)
      slim (>= 3.0, < 5.0)
    sprockets (3.7.2)
      concurrent-ruby (~> 1.0)
      rack (> 1, < 3)
    sprockets-rails (3.4.2)
      actionpack (>= 5.2)
      activesupport (>= 5.2)
      sprockets (>= 3.0.0)
    sqlite3 (1.4.2)
    sync (0.5.0)
    teaspoon (1.2.2)
      railties (>= 3.2.5)
    teaspoon-jasmine (2.9.1)
      teaspoon (>= 1.0.0)
    temple (0.8.2)
    term-ansicolor (1.7.1)
      tins (~> 1.0)
    thor (1.2.1)
    thread_safe (0.3.6)
    tilt (2.0.10)
    timecop (0.9.5)
    tins (1.31.1)
      sync
    tzinfo (1.2.9)
      thread_safe (~> 0.1)
    uber (0.0.15)
    uglifier (4.2.0)
      execjs (>= 0.3.0, < 3)
    validates_email_format_of (1.6.3)
      i18n
    web-console (4.2.0)
      actionview (>= 6.0.0)
      activemodel (>= 6.0.0)
      bindex (>= 0.4.0)
      railties (>= 6.0.0)
    webdrivers (4.7.0)
      nokogiri (~> 1.6)
      rubyzip (>= 1.3.0)
      selenium-webdriver (> 3.141, < 5.0)
    webrick (1.7.0)
    websocket-driver (0.7.5)
      websocket-extensions (>= 0.1.0)
    websocket-extensions (0.1.5)
    will_paginate (3.3.1)
    xpath (3.2.0)
      nokogiri (~> 1.8)
    zeitwerk (2.5.4)

PLATFORMS
  ruby

DEPENDENCIES
  acts_as_list
  adva_activity!
  adva_cells!
  adva_cms!
  adva_fckeditor!
  adva_meta_tags!
  adva_rbac!
  adva_user!
  auto_strip_attributes
  awesome_nested_set (~> 3.0)
  backhoe
  bard
  bard-rake
  bard-staging_banner
  bard-static
  bootsnap
  byebug
  capybara-headless_chrome
  capybara-screenshot
  cells (~> 3.0)
  chop
  cocoon
  coffee-rails
  coveralls
  csv_builder
  cucumber (~> 3.0)
  cucumber-rails
  daemons
  database_cleaner
  decisive
  delayed_job_active_record
  delayed_job_web
  diff-lcs (= 1.3)
  dotenv-rails
  dynamic_form
  email_spec
  exception_notification
  factory_bot_rails
  faker
  font-awesome-rails
  foreman-export-systemd_user
  haml-rails
  handle_invalid_percent_encoding_requests
  input_css
  invisible_captcha
  jquery-rails
  jquery-ui-rails
  mysql2
  newrelic_rpm
  nokogiri
  parallel_tests (~> 3.9.0)
  phantomjs
  rack-cache
  rack-www
  rails (~> 6.0.0)
  rspec-rails
  sass-rails
  selenium-webdriver (~> 3.0)
  slim-rails
  sprockets (~> 3.0)
  sqlite3
  teaspoon-jasmine
  timecop
  uglifier
  validates_email_format_of
  web-console

BUNDLED WITH
   2.0.1
