GEM
  remote: http://rubygems.org/
  specs:
    ZenTest (4.4.0)
    actionmailer (2.3.4)
      actionpack (= 2.3.4)
    actionpack (2.3.4)
      activesupport (= 2.3.4)
      rack (~> 1.0.0)
    activerecord (2.3.4)
      activesupport (= 2.3.4)
    activeresource (2.3.4)
      activesupport (= 2.3.4)
    activesupport (2.3.4)
    autotest-rails (4.1.0)
      ZenTest
    bard-rake (0.5.0)
    builder (2.1.2)
    chunky_png (1.2.0)
    columnize (0.3.6)
    compass (0.11.1)
      chunky_png (~> 1.1)
      fssm (>= 0.2.7)
      sass (~> 3.1)
    compass-querystring_cachebuster (0.0.1)
    csv_builder (1.1.7)
      fastercsv
    cucumber (0.4.3)
      builder (= 2.1.2)
      diff-lcs (= 1.1.2)
      polyglot (= 0.2.9)
      term-ansicolor (= 1.0.4)
      treetop (= 1.4.2)
    diff-lcs (1.1.2)
    email_spec (0.4.0)
    faker (0.3.1)
    fastercsv (1.5.3)
    fssm (0.2.7)
    haml (3.1.2)
    linecache (0.46)
      rbx-require-relative (> 0.0.4)
    machinist (1.0.6)
    mechanize (1.0.0)
      nokogiri (>= 1.2.1)
    mysql2 (0.2.11)
    nokogiri (1.4.3.1)
    pickle (0.3.0)
    polyglot (0.2.9)
    rack (1.0.1)
    rails (2.3.4)
      actionmailer (= 2.3.4)
      actionpack (= 2.3.4)
      activerecord (= 2.3.4)
      activeresource (= 2.3.4)
      activesupport (= 2.3.4)
      rake (>= 0.8.3)
    rake (0.9.2.2)
    rbx-require-relative (0.0.9)
    rspec (1.2.9)
    rspec-rails (1.2.9)
      rack (>= 1.0.0)
      rspec (>= 1.2.9)
    ruby-debug (0.10.4)
      columnize (>= 0.1)
      ruby-debug-base (~> 0.10.4.0)
    ruby-debug-base (0.10.4)
      linecache (>= 0.3)
    sass (3.1.5)
    term-ansicolor (1.0.4)
    treetop (1.4.2)
      polyglot (>= 0.2.5)
    webrat (0.5.3)
      nokogiri (>= 1.2.0)
      rack (>= 1.0)

PLATFORMS
  ruby

DEPENDENCIES
  autotest-rails
  bard-rake
  compass (= 0.11.1)
  compass-querystring_cachebuster
  csv_builder (~> 1.0)
  cucumber (= 0.4.3)
  email_spec (= 0.4.0)
  faker (= 0.3.1)
  fastercsv
  haml
  machinist (= 1.0.6)
  mechanize
  mysql2 (~> 0.2.7)
  nokogiri
  pickle (= 0.3.0)
  rails (= 2.3.4)
  rspec (= 1.2.9)
  rspec-rails (= 1.2.9)
  ruby-debug
  webrat (= 0.5.3)
